GEM
  remote: https://rubygems.org/
  specs:
    addressable (2.5.2)
      public_suffix (>= 2.0.2, < 4.0)
    archive (0.0.6)
      ffi (~> 1.9.3)
    blankslate (2.1.2.4)
    concurrent-ruby (1.1.3)
    diff-lcs (1.3)
    docile (1.3.1)
    edn (1.0.0)
      parslet (~> 1.4.0)
    fabrication (2.7.2)
    faker (1.2.0)
      i18n (~> 0.5)
    fast_gettext (1.1.2)
    ffi (1.9.25-java)
    gettext (3.2.9)
      locale (>= 2.0.5)
      text (>= 1.3.0)
    gettext-setup (0.30)
      fast_gettext (~> 1.1.0)
      gettext (>= 3.0.2)
      locale
    hashie (2.0.5)
    i18n (0.9.5)
      concurrent-ruby (~> 1.0)
    jdbc-postgres (9.4.1206)
    json (2.1.0-java)
    json-schema (2.8.1)
      addressable (>= 2.4)
    kramdown (1.14.0)
    locale (2.1.2)
    mustermann (1.0.3)
    parslet (1.4.0)
      blankslate (~> 2.0)
    public_suffix (3.0.3)
    rack (2.0.6)
    rack-protection (2.0.4)
      rack
    rack-test (0.7.0)
      rack (>= 1.0, < 3)
    rake (12.3.1)
    rspec (2.13.0)
      rspec-core (~> 2.13.0)
      rspec-expectations (~> 2.13.0)
      rspec-mocks (~> 2.13.0)
    rspec-core (2.13.1)
    rspec-expectations (2.13.0)
      diff-lcs (>= 1.1.3, < 2.0)
    rspec-mocks (2.13.1)
    sequel (5.14.0)
    simplecov (0.16.1)
      docile (~> 1.1)
      json (>= 1.8, < 3)
      simplecov-html (~> 0.10.0)
    simplecov-html (0.10.2)
    sinatra (2.0.4)
      mustermann (~> 1.0)
      rack (~> 2.0)
      rack-protection (= 2.0.4)
      tilt (~> 2.0)
    text (1.3.1)
    thor (0.20.3)
    tilt (2.0.8)
    timecop (0.9.1)
    torquebox (3.2.0)
      thor (>= 0.14.6)
      torquebox-cache (= 3.2.0)
      torquebox-configure (= 3.2.0)
      torquebox-core (= 3.2.0)
      torquebox-messaging (= 3.2.0)
      torquebox-naming (= 3.2.0)
      torquebox-rake-support (= 3.2.0)
      torquebox-security (= 3.2.0)
      torquebox-stomp (= 3.2.0)
      torquebox-transactions (= 3.2.0)
      torquebox-web (= 3.2.0)
    torquebox-cache (3.2.0-java)
      torquebox-core (= 3.2.0)
      torquebox-transactions (= 3.2.0)
    torquebox-configure (3.2.0-java)
      blankslate (= 2.1.2.4)
    torquebox-core (3.2.0-java)
      edn (= 1.0.0)
    torquebox-messaging (3.2.0-java)
      torquebox-core (= 3.2.0)
      torquebox-transactions (= 3.2.0)
    torquebox-naming (3.2.0-java)
      torquebox-core (= 3.2.0)
    torquebox-rake-support (3.2.0)
      rake (>= 0.8.7)
    torquebox-security (3.2.0-java)
      torquebox-core (= 3.2.0)
    torquebox-server (3.2.0-java)
      torquebox (= 3.2.0)
    torquebox-stomp (3.2.0)
      torquebox-core (= 3.2.0)
      torquebox-messaging (= 3.2.0)
    torquebox-transactions (3.2.0)
      torquebox-core (= 3.2.0)
    torquebox-web (3.2.0-java)
    unix-crypt (1.1.1)
    yard (0.9.16)

PLATFORMS
  java

DEPENDENCIES
  archive
  fabrication (~> 2.7.2)
  faker (~> 1.2.0)
  gettext-setup
  hashie (~> 2.0.5)
  jdbc-postgres (= 9.4.1206)
  json-schema
  kramdown (~> 1.14.0)
  rack-test (~> 0.7.0)
  rake
  rspec (~> 2.13.0)
  rspec-core (~> 2.13.1)
  rspec-expectations (~> 2.13.0)
  rspec-mocks (~> 2.13.1)
  sequel
  simplecov
  sinatra
  timecop
  torquebox (~> 3.2.0)
  torquebox-server (~> 3.2.0)
  unix-crypt (~> 1.1.1)
  yard (~> 0.9.11)

RUBY VERSION
   ruby 2.3.1p0 (jruby 9.1.5.0)

BUNDLED WITH
   1.16.1
