GEM
  remote: https://rubygems.org/
  specs:
    archive (0.0.4)
      ffi (~> 1.8.1)
    blankslate (2.1.2.4)
    diff-lcs (1.2.4)
    edn (1.0.0)
      parslet (~> 1.4.0)
    fabrication (2.7.2)
    faker (1.2.0)
      i18n (~> 0.5)
    fast_gettext (0.8.1)
    ffi (1.8.1-java)
    gettext (3.1.1)
      locale (>= 2.0.5)
      text
    hashie (2.0.5)
    i18n (0.6.5)
    jdbc-postgres (9.2.1002.1)
    json-schema (2.1.3)
    kramdown (1.2.0)
    locale (2.1.0)
    multi_json (1.8.2)
    netaddr (1.5.0)
    parslet (1.4.0)
      blankslate (~> 2.0)
    rack (1.5.2)
    rack-protection (1.5.1)
      rack
    rack-test (0.6.2)
      rack (>= 1.0)
    rake (10.1.1)
    rspec (2.13.0)
      rspec-core (~> 2.13.0)
      rspec-expectations (~> 2.13.0)
      rspec-mocks (~> 2.13.0)
    rspec-core (2.13.1)
    rspec-expectations (2.13.0)
      diff-lcs (>= 1.1.3, < 2.0)
    rspec-mocks (2.13.1)
    sequel (4.9.0)
    simplecov (0.7.1)
      multi_json (~> 1.0)
      simplecov-html (~> 0.7.1)
    simplecov-html (0.7.1)
    sinatra (1.4.4)
      rack (~> 1.4)
      rack-protection (~> 1.4)
      tilt (~> 1.3, >= 1.3.4)
    text (1.2.3)
    thor (0.19.1)
    tilt (1.4.1)
    timecop (0.6.3)
    torquebox (3.1.1)
      thor (>= 0.14.6)
      torquebox-cache (= 3.1.1)
      torquebox-configure (= 3.1.1)
      torquebox-core (= 3.1.1)
      torquebox-messaging (= 3.1.1)
      torquebox-naming (= 3.1.1)
      torquebox-rake-support (= 3.1.1)
      torquebox-security (= 3.1.1)
      torquebox-stomp (= 3.1.1)
      torquebox-transactions (= 3.1.1)
      torquebox-web (= 3.1.1)
    torquebox-cache (3.1.1-java)
      torquebox-core (= 3.1.1)
      torquebox-transactions (= 3.1.1)
    torquebox-configure (3.1.1-java)
      blankslate (= 2.1.2.4)
    torquebox-core (3.1.1-java)
      edn (= 1.0.0)
    torquebox-messaging (3.1.1-java)
      torquebox-core (= 3.1.1)
      torquebox-transactions (= 3.1.1)
    torquebox-naming (3.1.1-java)
      torquebox-core (= 3.1.1)
    torquebox-rake-support (3.1.1)
      rake (= 10.1.1)
    torquebox-security (3.1.1-java)
      torquebox-core (= 3.1.1)
    torquebox-server (3.1.1-java)
      torquebox (= 3.1.1)
    torquebox-stomp (3.1.1)
      torquebox-core (= 3.1.1)
      torquebox-messaging (= 3.1.1)
    torquebox-transactions (3.1.1)
      torquebox-core (= 3.1.1)
    torquebox-web (3.1.1-java)
    unix-crypt (1.1.1)
    yard (0.8.7.2)

PLATFORMS
  java

DEPENDENCIES
  archive
  fabrication (~> 2.7.2)
  faker (~> 1.2.0)
  fast_gettext (~> 0.8.1)
  gettext (~> 3.1.1)
  hashie (~> 2.0.5)
  jdbc-postgres
  json-schema (~> 2.0)
  kramdown
  netaddr (>= 1.5.0)
  rack-test
  rspec (~> 2.13.0)
  rspec-core (~> 2.13.1)
  rspec-expectations (~> 2.13.0)
  rspec-mocks (~> 2.13.1)
  sequel (= 4.9)
  simplecov
  sinatra (>= 1.4.4)
  timecop
  torquebox (~> 3.1.1)
  torquebox-server (~> 3.1.1)
  unix-crypt (~> 1.1.1)
  yard
